PATH
  remote: .
  specs:
    rexml-css-selector (0.1.0)
      rexml (>= 3.2.8)

GEM
  remote: https://rubygems.org/
  specs:
    ansi (1.5.0)
    builder (3.2.4)
    minitest (5.23.0)
    minitest-reporters (1.6.1)
      ansi
      builder
      minitest (>= 5.0)
      ruby-progressbar
    rake (13.2.1)
    rexml (3.2.8)
      strscan (>= 3.0.9)
    ruby-progressbar (1.13.0)
    strscan (3.1.0)

PLATFORMS
  arm64-darwin-23
  ruby

DEPENDENCIES
  minitest (~> 5.16)
  minitest-reporters (~> 1.6)
  rake (~> 13.0)
  rexml-css-selector!

BUNDLED WITH
   2.5.9
